GEM
  remote: http://rubygems.org/
  specs:
    daemons (1.3.1)
    eventmachine (1.2.7)
    eventmachine (1.2.7-java)
    flickraw (0.9.9)
    hoe (3.26.0)
      rake (>= 0.8, < 15.0)
    json (2.3.0)
    json (2.3.0-java)
    mustermann (2.0.2)
      ruby2_keywords (~> 0.0.1)
    rack (2.2.6.2)
    rack-protection (2.2.3)
      rack
    rack-test (1.1.0)
      rack (>= 1.0, < 3)
    rake (12.3.3)
    ruby2_keywords (0.0.5)
    sinatra (2.2.3)
      mustermann (~> 2.0)
      rack (~> 2.2)
      rack-protection (= 2.2.3)
      tilt (~> 2.0)
    test-unit (1.2.3)
      hoe (>= 1.5.1)
    thin (1.7.2)
      daemons (~> 1.0, >= 1.0.9)
      eventmachine (~> 1.0, >= 1.0.4)
      rack (>= 1, < 3)
    tilt (2.0.11)

PLATFORMS
  java
  ruby

DEPENDENCIES
  flickraw
  json (>= 2.3.0)
  rack-test
  rake
  sinatra (= 2.2.3)
  test-unit (= 1.2.3)
  thin

BUNDLED WITH
   1.17.2
