GEM
  remote: http://rubygems.org/
  specs:
    base64 (0.2.0)
    flickraw (0.9.10)
    hoe (4.2.2)
      rake (>= 0.8, < 15.0)
    json (2.9.1)
    logger (1.6.5)
    mustermann (3.0.3)
      ruby2_keywords (~> 0.0.1)
    rack (3.1.8)
    rack-protection (4.1.1)
      base64 (>= 0.1.0)
      logger (>= 1.6.0)
      rack (>= 3.0.0, < 4)
    rack-session (2.1.0)
      base64 (>= 0.1.0)
      rack (>= 3.0.0)
    rack-test (2.2.0)
      rack (>= 1.3)
    rake (13.2.1)
    ruby2_keywords (0.0.5)
    sinatra (4.1.1)
      logger (>= 1.6.0)
      mustermann (~> 3.0)
      rack (>= 3.0.0, < 4)
      rack-protection (= 4.1.1)
      rack-session (>= 2.0.0, < 3)
      tilt (~> 2.0)
    test-unit (1.2.3)
      hoe (>= 1.5.1)
    tilt (2.6.0)

PLATFORMS
  arm64-darwin-24
  ruby

DEPENDENCIES
  flickraw
  json (>= 2.3.0)
  rack-test
  rake
  sinatra (>= 4.1.0)
  test-unit (= 1.2.3)

BUNDLED WITH
   2.6.3
