GEM
  remote: http://rubygems.org/
  specs:
    daemons (1.3.1)
    eventmachine (1.2.7)
    eventmachine (1.2.7-java)
    flickraw (0.9.9)
    json (2.1.0)
    json (2.1.0-java)
    rack (1.6.11)
    rack-test (1.1.0)
      rack (>= 1.0, < 3)
    rake (12.3.2)
    sinatra (1.1.0)
      rack (~> 1.1)
      tilt (~> 1.1)
    thin (1.7.2)
      daemons (~> 1.0, >= 1.0.9)
      eventmachine (~> 1.0, >= 1.0.4)
      rack (>= 1, < 3)
    tilt (1.4.1)

PLATFORMS
  java
  ruby

DEPENDENCIES
  flickraw
  json
  rack-test
  rake
  sinatra (= 1.1.0)
  thin

BUNDLED WITH
   1.17.2
